GEM
  remote: https://rubygems.org/
  specs:
    atoulme-Antwrap (0.7.4)
      rjb (>= 1.0.3)
    builder (3.1.3)
    buildr (1.4.12)
      atoulme-Antwrap (~> 0.7.4)
      builder (= 3.1.3)
      bundler
      diff-lcs (= 1.1.3)
      highline (= 1.6.2)
      hoe (= 3.1.0)
      json_pure (= 1.7.5)
      minitar (= 0.5.3)
      net-sftp (= 2.0.5)
      net-ssh (= 2.6.0)
      rake (= 0.9.2.2)
      rjb (= 1.4.2)
      rspec (= 2.11.0)
      rspec-core (= 2.11.1)
      rspec-expectations (= 2.11.3)
      rspec-mocks (= 2.11.3)
      rubyforge (= 2.0.4)
      rubyzip (= 0.9.9)
      xml-simple (= 1.1.1)
    coderay (1.0.9)
    configatron (2.10.0)
      yamler (>= 0.1.0)
    configatron_plus (0.2.0)
      configatron
    diff-lcs (1.1.3)
    ffi (1.8.1)
    formatador (0.2.4)
    guard (1.8.0)
      formatador (>= 0.2.4)
      listen (>= 1.0.0)
      lumberjack (>= 1.0.2)
      pry (>= 0.9.10)
      thor (>= 0.14.6)
    guard-rake (0.0.9)
      guard
      rake
    highline (1.6.2)
    hoe (3.1.0)
      rake (~> 0.8)
    jruby-pageant (1.1.1)
    json_pure (1.7.5)
    listen (1.1.2)
      rb-fsevent (>= 0.9.3)
      rb-inotify (>= 0.9)
      rb-kqueue (>= 0.2)
    lumberjack (1.0.3)
    method_source (0.8.1)
    minitar (0.5.3)
    net-sftp (2.0.5)
      net-ssh (>= 2.0.9)
    net-ssh (2.6.0)
      jruby-pageant (>= 1.1.1)
    pry (0.9.12.2)
      coderay (~> 1.0.5)
      method_source (~> 0.8)
      slop (~> 3.4)
    rake (0.9.2.2)
    rb-fsevent (0.9.3)
    rb-inotify (0.9.0)
      ffi (>= 0.5.0)
    rb-kqueue (0.2.0)
      ffi (>= 0.5.0)
    rjb (1.4.2)
    rspec (2.11.0)
      rspec-core (~> 2.11.0)
      rspec-expectations (~> 2.11.0)
      rspec-mocks (~> 2.11.0)
    rspec-core (2.11.1)
    rspec-expectations (2.11.3)
      diff-lcs (~> 1.1.3)
    rspec-mocks (2.11.3)
    rubyforge (2.0.4)
      json_pure (>= 1.1.7)
    rubyzip (0.9.9)
    slop (3.4.5)
    thor (0.18.1)
    xml-simple (1.1.1)
    yamler (0.1.0)

PLATFORMS
  ruby

DEPENDENCIES
  buildr (>= 1.4.12)
  configatron_plus
  guard
  guard-rake
